GEM
  remote: https://rubygems.org/
  specs:
    byebug (11.1.3)
    docile (1.4.0)
    must_be (1.1.0)
    simplecov (0.22.0)
      docile (~> 1.1)
      simplecov-html (~> 0.11)
      simplecov_json_formatter (~> 0.1)
    simplecov-html (0.12.3)
    simplecov_json_formatter (0.1.4)

PLATFORMS
  x86_64-darwin-18
  x86_64-darwin-21

DEPENDENCIES
  byebug
  must_be
  simplecov

BUNDLED WITH
   2.2.25
