GEM
  remote: https://rubygems.org/
  specs:
    byebug (11.1.3)
    docile (1.4.0)
    must_be (1.1.0)
    power_assert (2.0.3)
    rake (13.1.0)
    rake-compiler (1.2.5)
      rake
    ruby-prof (1.6.3)
    simplecov (0.22.0)
      docile (~> 1.1)
      simplecov-html (~> 0.11)
      simplecov_json_formatter (~> 0.1)
    simplecov-html (0.12.3)
    simplecov_json_formatter (0.1.4)
    stackprof (0.2.25)
    test-unit (3.6.1)
      power_assert

PLATFORMS
  x86_64-darwin-18
  x86_64-darwin-21

DEPENDENCIES
  byebug
  must_be
  rake-compiler
  ruby-prof
  simplecov
  stackprof
  test-unit

BUNDLED WITH
   2.4.5
